GIT
  remote: git://github.com/chriseppstein/compass
  revision: 07ad85dc141ff1e494c6163a31fc3b491ed00ab9
  branch: master
  specs:
    compass (1.1.0.alpha.3)
      chunky_png (~> 1.2)
      compass-core (~> 1.1.0.alpha.3)
      compass-import-once (~> 1.0.5)
      rb-fsevent (>= 0.9.3)
      rb-inotify (>= 0.9)
      sass (>= 3.3.13, < 3.5)
    compass-core (1.1.0.alpha.3)
      multi_json (~> 1.0)
      sass (>= 3.3.0, < 3.5)
    compass-import-once (1.0.5)
      sass (>= 3.2, < 3.5)

GEM
  remote: http://rubygems.org/
  specs:
    actionmailer (3.2.13)
      actionpack (= 3.2.13)
      mail (~> 2.5.3)
    actionpack (3.2.13)
      activemodel (= 3.2.13)
      activesupport (= 3.2.13)
      builder (~> 3.0.0)
      erubis (~> 2.7.0)
      journey (~> 1.0.4)
      rack (~> 1.4.5)
      rack-cache (~> 1.2)
      rack-test (~> 0.6.1)
      sprockets (~> 2.2.1)
    activemodel (3.2.13)
      activesupport (= 3.2.13)
      builder (~> 3.0.0)
    activerecord (3.2.13)
      activemodel (= 3.2.13)
      activesupport (= 3.2.13)
      arel (~> 3.0.2)
      tzinfo (~> 0.3.29)
    activeresource (3.2.13)
      activemodel (= 3.2.13)
      activesupport (= 3.2.13)
    activesupport (3.2.13)
      i18n (= 0.6.1)
      multi_json (~> 1.0)
    addressable (2.3.8)
    ansi (1.5.0)
    arel (3.0.3)
    authlogic (3.4.5)
      activerecord (>= 3.2)
      activesupport (>= 3.2)
      request_store (~> 1.0)
      scrypt (~> 1.2)
    bluecloth (2.2.0)
    buftok (0.2.0)
    builder (3.0.4)
    capistrano (3.4.0)
      i18n
      rake (>= 10.0.0)
      sshkit (~> 1.3)
    capistrano-bundler (1.1.4)
      capistrano (~> 3.1)
      sshkit (~> 1.2)
    capistrano-rails (1.1.3)
      capistrano (~> 3.1)
      capistrano-bundler (~> 1.1)
    capistrano-rvm (0.1.2)
      capistrano (~> 3.0)
      sshkit (~> 1.2)
    carrierwave (0.10.0)
      activemodel (>= 3.2.0)
      activesupport (>= 3.2.0)
      json (>= 1.7)
      mime-types (>= 1.16)
    chunky_png (1.3.4)
    coffee-rails (3.2.2)
      coffee-script (>= 2.2.0)
      railties (~> 3.2.0)
    coffee-script (2.4.1)
      coffee-script-source
      execjs
    coffee-script-source (1.9.1.1)
    colorize (0.7.7)
    columnize (0.9.0)
    compass-rails (2.0.0)
      compass (>= 0.12.2)
    debugger (1.6.8)
      columnize (>= 0.3.1)
      debugger-linecache (~> 1.2.0)
      debugger-ruby_core_source (~> 1.3.5)
    debugger-linecache (1.2.0)
    debugger-ruby_core_source (1.3.8)
    equalizer (0.0.11)
    erubis (2.7.0)
    execjs (2.5.2)
    factory_girl (3.6.2)
      activesupport (>= 3.0.0)
    factory_girl_rails (3.6.0)
      factory_girl (~> 3.6.0)
      railties (>= 3.0.0)
    faker (1.4.3)
      i18n (~> 0.5)
    faraday (0.9.1)
      multipart-post (>= 1.2, < 3)
    ffi (1.9.8)
    ffi-compiler (0.1.3)
      ffi (>= 1.0.0)
      rake
    fun_with_files (0.0.13)
      xdg (~> 2)
    haml (4.0.6)
      tilt
    hike (1.2.3)
    http (0.6.4)
      http_parser.rb (~> 0.6.0)
    http_parser.rb (0.6.0)
    i18n (0.6.1)
    journey (1.0.4)
    jquery-rails (3.1.2)
      railties (>= 3.0, < 5.0)
      thor (>= 0.14, < 2.0)
    json (1.8.2)
    liquid (3.0.1)
    mail (2.5.4)
      mime-types (~> 1.16)
      treetop (~> 1.4.8)
    memoizable (0.4.2)
      thread_safe (~> 0.3, >= 0.3.1)
    mime-types (1.25.1)
    minitest (4.7.5)
    multi_json (1.11.0)
    multipart-post (2.0.0)
    mysql2 (0.3.18)
    naught (1.0.0)
    net-scp (1.2.1)
      net-ssh (>= 2.6.5)
    net-ssh (2.9.2)
    oauth (0.4.7)
    pacecar (1.5.3)
    polyglot (0.3.5)
    rack (1.4.5)
    rack-cache (1.2)
      rack (>= 0.4)
    rack-ssl (1.3.4)
      rack
    rack-test (0.6.3)
      rack (>= 1.0)
    rails (3.2.13)
      actionmailer (= 3.2.13)
      actionpack (= 3.2.13)
      activerecord (= 3.2.13)
      activeresource (= 3.2.13)
      activesupport (= 3.2.13)
      bundler (~> 1.0)
      railties (= 3.2.13)
    railties (3.2.13)
      actionpack (= 3.2.13)
      activesupport (= 3.2.13)
      rack-ssl (~> 1.3.2)
      rake (>= 0.8.7)
      rdoc (~> 3.4)
      thor (>= 0.14.6, < 2.0)
    rake (10.4.2)
    rb-fsevent (0.9.4)
    rb-inotify (0.9.5)
      ffi (>= 0.5.0)
    rdoc (3.12.2)
      json (~> 1.4)
    request_store (1.1.0)
    rubytree (0.9.4)
      json (~> 1.8)
      structured_warnings (~> 0.1)
    rubyzip (1.1.7)
    sass (3.4.13)
    sass-rails (3.2.6)
      railties (~> 3.2.0)
      sass (>= 3.1.10)
      tilt (~> 1.3)
    scrypt (1.2.1)
      ffi-compiler (>= 0.0.2)
      rake
    simple_oauth (0.3.1)
    sprockets (2.2.3)
      hike (~> 1.2)
      multi_json (~> 1.0)
      rack (~> 1.0)
      tilt (~> 1.1, != 1.3.0)
    sshkit (1.7.1)
      colorize (>= 0.7.0)
      net-scp (>= 1.1.2)
      net-ssh (>= 2.8.0)
    structured_warnings (0.2.0)
    thor (0.19.1)
    thread_safe (0.3.5)
    tilt (1.4.1)
    treetop (1.4.15)
      polyglot
      polyglot (>= 0.3.1)
    turn (0.9.7)
      ansi
      minitest (~> 4)
    twitter (5.14.0)
      addressable (~> 2.3)
      buftok (~> 0.2.0)
      equalizer (~> 0.0.9)
      faraday (~> 0.9.0)
      http (~> 0.6.0)
      http_parser.rb (~> 0.6.0)
      json (~> 1.8)
      memoizable (~> 0.4.0)
      naught (~> 1.0)
      simple_oauth (~> 0.3.0)
    tzinfo (0.3.43)
    uglifier (2.7.1)
      execjs (>= 0.3.0)
      json (>= 1.8.0)
    webrick (1.3.1)
    will_paginate (3.0.7)
    xdg (2.2.3)

PLATFORMS
  ruby

DEPENDENCIES
  authlogic (>= 3.1)
  bluecloth
  bundler
  capistrano (~> 3.0)
  capistrano-bundler
  capistrano-rails
  capistrano-rvm
  carrierwave
  coffee-rails (~> 3.2)
  compass!
  compass-rails
  debugger
  factory_girl (~> 3.0)
  factory_girl_rails (~> 3.0)
  faker
  fun_with_files
  haml
  jquery-rails
  liquid
  mysql2
  oauth
  pacecar
  rails (= 3.2.13)
  rubytree
  rubyzip
  sass-rails (~> 3.2)
  turn
  twitter
  uglifier (>= 1.0)
  webrick (~> 1.3.1)
  will_paginate (~> 3.0)
